GEM
  remote: https://rubygems.org/
  specs:
    json (2.7.1)

PLATFORMS
  ruby

DEPENDENCIES
  json (~> 2.7)

BUNDLED WITH
   2.4.12
